PATH
  remote: .
  specs:
    rack-ga-track (0.6.0)
      rack (> 1, < 3)

GEM
  remote: http://rubygems.org/
  specs:
    docile (1.1.5)
    json (1.8.6)
    minitest (5.10.1)
    rack (1.5.2)
    rack-test (0.6.2)
      rack (>= 1.0)
    simplecov (0.14.1)
      docile (~> 1.1.0)
      json (>= 1.8, < 3)
      simplecov-html (~> 0.10.0)
    simplecov-html (0.10.0)
    timecop (0.7.1)

PLATFORMS
  ruby

DEPENDENCIES
  bundler (~> 1.14, >= 1.14.6)
  minitest (~> 5.10, >= 5.10.1)
  rack-ga-track!
  rack-test (~> 0.6, >= 0.6.2)
  simplecov (~> 0.14, >= 0.14)
  timecop (~> 0.7, >= 0.7.1)

BUNDLED WITH
   1.14.6
