GEM
  remote: http://rubygems.org/
  specs:
    docile (1.1.5)
    git (1.2.7)
    jeweler (1.6.4)
      bundler (~> 1.0)
      git (>= 1.2.5)
      rake
    minitest (5.4.0)
    multi_json (1.10.1)
    rack (1.5.2)
    rack-test (0.6.2)
      rack (>= 1.0)
    rake (10.3.2)
    simplecov (0.8.2)
      docile (~> 1.1.0)
      multi_json
      simplecov-html (~> 0.8.0)
    simplecov-html (0.8.0)
    timecop (0.7.1)

PLATFORMS
  ruby

DEPENDENCIES
  bundler (~> 1.6, >= 1.6.2)
  jeweler (~> 1.6, >= 1.6.4)
  minitest (~> 5.4, >= 5.4.0)
  rack (~> 1.5, >= 1.5.2)
  rack-test (~> 0.6, >= 0.6.2)
  simplecov (~> 0.8, >= 0.8.2)
  timecop (~> 0.7, >= 0.7.1)
